PATH
  remote: .
  specs:
    rubyretriever (1.4.5)
      addressable
      bloomfilter-rb
      em-http-request
      em-synchrony
      htmlentities
      nokogiri
      ruby-progressbar

GEM
  remote: https://rubygems.org/
  specs:
    addressable (2.4.0)
    bloomfilter-rb (2.1.1)
      redis
    coderay (1.1.0)
    cookiejar (0.3.0)
    diff-lcs (1.2.5)
    em-http-request (1.1.3)
      addressable (>= 2.3.4)
      cookiejar (<= 0.3.0)
      em-socksify (>= 0.3)
      eventmachine (>= 1.0.3)
      http_parser.rb (>= 0.6.0)
    em-socksify (0.3.1)
      eventmachine (>= 1.0.0.beta.4)
    em-synchrony (1.0.4)
      eventmachine (>= 1.0.0.beta.1)
    eventmachine (1.2.0.1)
    htmlentities (4.3.4)
    http_parser.rb (0.6.0)
    method_source (0.8.2)
    mini_portile2 (2.0.0)
    nokogiri (1.6.7.2)
      mini_portile2 (~> 2.0.0.rc2)
    pry (0.10.1)
      coderay (~> 1.1.0)
      method_source (~> 0.8.1)
      slop (~> 3.4)
    rake (10.3.2)
    redis (3.2.2)
    rspec (2.99.0)
      rspec-core (~> 2.99.0)
      rspec-expectations (~> 2.99.0)
      rspec-mocks (~> 2.99.0)
    rspec-core (2.99.0)
    rspec-expectations (2.99.0)
      diff-lcs (>= 1.1.3, < 2.0)
    rspec-mocks (2.99.0)
    ruby-progressbar (1.7.5)
    slop (3.6.0)

PLATFORMS
  ruby

DEPENDENCIES
  bundler (~> 1.6)
  pry
  rake (~> 10.3)
  rspec (~> 2.14)
  rubyretriever!
